GEM
  remote: https://rubygems.org/
  specs:
    rake (10.3.2)
    rplusplus (0.0.1)

PLATFORMS
  ruby

DEPENDENCIES
  rake
  rplusplus
